PATH
  remote: .
  specs:
    foreman_debian (0.0.1)
      clamp (>= 0.5)
      foreman (>= 0.63.0)
      term-ansicolor (>= 1.2.0)

GEM
  remote: https://rubygems.org/
  specs:
    clamp (0.6.3)
    dotenv (0.10.0)
    foreman (0.63.0)
      dotenv (>= 0.7)
      thor (>= 0.13.6)
    term-ansicolor (1.3.0)
      tins (~> 1.0)
    thor (0.19.1)
    tins (1.0.1)

PLATFORMS
  ruby

DEPENDENCIES
  foreman_debian!
